GEM
  remote: https://rubygems.org/
  specs:
    diff-lcs (1.3)
    rspec (3.8.0)
      rspec-core (~> 3.8.0)
      rspec-expectations (~> 3.8.0)
      rspec-mocks (~> 3.8.0)
    rspec-core (3.8.0)
      rspec-support (~> 3.8.0)
    rspec-expectations (3.8.2)
      diff-lcs (>= 1.2.0, < 2.0)
      rspec-support (~> 3.8.0)
    rspec-mocks (3.8.0)
      diff-lcs (>= 1.2.0, < 2.0)
      rspec-support (~> 3.8.0)
    rspec-retry (0.6.1)
      rspec-core (> 3.3)
    rspec-support (3.8.0)

PLATFORMS
  ruby

DEPENDENCIES
  rspec
  rspec-retry

RUBY VERSION
   ruby 2.5.1p57

BUNDLED WITH
   1.17.1
